GEM
  remote: https://rubygems.org/
  specs:
    nokogiri (1.11.7-x86_64-darwin)
      racc (~> 1.4)
    racc (1.5.2)

PLATFORMS
  x86_64-darwin-20

DEPENDENCIES
  nokogiri

BUNDLED WITH
   2.2.16
